PATH
  remote: bauble_core
  specs:
    bauble_core (0.1.0)
      colorize (~> 1.1.0)
      thor (~> 1.3.2)

GEM
  remote: https://rubygems.org/
  specs:
    bigdecimal (3.1.8)
    byebug (11.1.3)
    coderay (1.1.3)
    colorize (1.1.0)
    csv (3.3.0)
    httparty (0.22.0)
      csv
      mini_mime (>= 1.0.0)
      multi_xml (>= 0.5.2)
    method_source (1.1.0)
    mini_mime (1.1.5)
    multi_xml (0.7.1)
      bigdecimal (~> 3.1)
    pry (0.14.2)
      coderay (~> 1.1)
      method_source (~> 1.0)
    pry-byebug (3.10.1)
      byebug (~> 11.0)
      pry (>= 0.13, < 0.15)
    thor (1.3.2)

PLATFORMS
  arm64-darwin-22
  ruby

DEPENDENCIES
  bauble_core!
  httparty
  pry (~> 0.14.2)
  pry-byebug (~> 3.10)

BUNDLED WITH
   2.5.9
