PATH
  remote: /Users/james/code/bauble
  specs:
    bauble_core (0.4.0)
      colorize (~> 1.1.0)
      thor (~> 1.3.2)

GEM
  remote: https://rubygems.org/
  specs:
    bigdecimal (3.1.8)
    coderay (1.1.3)
    colorize (1.1.0)
    csv (3.3.0)
    httparty (0.22.0)
      csv
      mini_mime (>= 1.0.0)
      multi_xml (>= 0.5.2)
    method_source (1.1.0)
    mini_mime (1.1.5)
    multi_xml (0.7.1)
      bigdecimal (~> 3.1)
    pry (0.14.2)
      coderay (~> 1.1)
      method_source (~> 1.0)
    thor (1.3.2)

PLATFORMS
  arm64-darwin-24
  ruby

DEPENDENCIES
  bauble_core!
  httparty (~> 0.22.0)
  pry (~> 0.14.2)

BUNDLED WITH
   2.5.22
